GEM
  remote: http://rubygems.org/
  specs:
    jsmin (1.0.1)
    rack (1.4.1)
    rack-protection (1.2.0)
      rack
    rack-test (0.6.1)
      rack (>= 1.0)
    sinatra (1.3.2)
      rack (~> 1.3, >= 1.3.6)
      rack-protection (~> 1.2)
      tilt (~> 1.3, >= 1.3.3)
    sinatra-assetpack (0.0.11)
      jsmin
      rack-test
      sinatra
      tilt (>= 1.3.0)
    tilt (1.3.3)

PLATFORMS
  ruby

DEPENDENCIES
  sinatra
  sinatra-assetpack
