GEM
  remote: http://rubygems.org/
  specs:
    bson (1.6.4)
    bson_ext (1.6.4)
      bson (~> 1.6.4)
    crack (0.3.1)
    faker (1.0.1)
      i18n (~> 0.4)
    i18n (0.6.0)
    json (1.7.4)
    mongo (1.6.4)
      bson (~> 1.6.4)
    psych (1.3.3)

PLATFORMS
  ruby

DEPENDENCIES
  bson_ext
  crack
  faker
  json
  mongo
  psych
