GEM
  remote: http://rubygems.org/
  specs:
    bson (1.6.4)
    bson_ext (1.6.4)
      bson (~> 1.6.4)
    crack (0.3.1)
    json (1.7.4)
    mongo (1.6.4)
      bson (~> 1.6.4)

PLATFORMS
  ruby

DEPENDENCIES
  bson_ext
  crack
  json
  mongo
